PATH
  remote: .
  specs:
    cyclopedio-sql (0.1.0)

GEM
  remote: http://rubygems.org/
  specs:
    progress (3.3.1)
    rake (10.3.2)
    slop (3.5.0)

PLATFORMS
  java
  ruby

DEPENDENCIES
  cyclopedio-sql!
  progress
  rake
  slop

BUNDLED WITH
   1.14.6
